GEM
  remote: https://rubygems.org/
  specs:
    concurrent-ruby (1.1.9)
    deep_merge (1.2.1)
    diff-lcs (1.4.4)
    facter (4.2.5)
      hocon (~> 1.3)
      thor (>= 1.0.1, < 2.0)
    faraday (0.17.4)
      multipart-post (>= 1.2, < 3)
    faraday_middleware (0.14.0)
      faraday (>= 0.7.4, < 1.0)
    fast_gettext (1.1.2)
    gettext (3.2.9)
      locale (>= 2.0.5)
      text (>= 1.3.0)
    gettext-setup (0.34)
      fast_gettext (~> 1.1.0)
      gettext (>= 3.0.2, < 3.3.0)
      locale
    hiera (3.7.0)
    hocon (1.3.1)
    librarian-puppet (3.0.1)
      librarianp (>= 0.6.3)
      puppet_forge (~> 2.1)
      rsync
    librarianp (1.1.1)
      thor (~> 1.0)
    locale (2.1.3)
    minitar (0.9)
    mocha (1.13.0)
    multi_json (1.15.0)
    multipart-post (2.1.1)
    pathspec (1.0.0)
    puppet (7.12.1)
      concurrent-ruby (~> 1.0)
      deep_merge (~> 1.0)
      facter (> 2.0.1, < 5)
      fast_gettext (~> 1.1)
      hiera (>= 3.2.1, < 4)
      locale (~> 2.1)
      multi_json (~> 1.10)
      puppet-resource_api (~> 1.5)
      scanf (~> 1.0)
      semantic_puppet (~> 1.0)
    puppet-lint (2.5.2)
    puppet-resource_api (1.8.14)
      hocon (>= 1.0)
    puppet-syntax (3.1.0)
      puppet (>= 5)
      rake
    puppet_forge (2.3.4)
      faraday (>= 0.9.0, < 0.18.0, != 0.13.1)
      faraday_middleware (>= 0.9.0, < 0.15.0)
      gettext-setup (~> 0.11)
      minitar
      semantic_puppet (~> 1.0)
    puppetlabs_spec_helper (4.0.1)
      mocha (~> 1.0)
      pathspec (>= 0.2.1, < 1.1.0)
      puppet-lint (~> 2.0)
      puppet-syntax (>= 2.0, < 4)
      rspec-puppet (~> 2.0)
    rake (13.0.6)
    rspec (3.10.0)
      rspec-core (~> 3.10.0)
      rspec-expectations (~> 3.10.0)
      rspec-mocks (~> 3.10.0)
    rspec-core (3.10.1)
      rspec-support (~> 3.10.0)
    rspec-expectations (3.10.1)
      diff-lcs (>= 1.2.0, < 2.0)
      rspec-support (~> 3.10.0)
    rspec-mocks (3.10.2)
      diff-lcs (>= 1.2.0, < 2.0)
      rspec-support (~> 3.10.0)
    rspec-puppet (2.10.0)
      rspec
    rspec-support (3.10.2)
    rsync (1.0.9)
    scanf (1.0.0)
    semantic_puppet (1.0.4)
    text (1.3.1)
    thor (1.1.0)

PLATFORMS
  ruby

DEPENDENCIES
  librarian-puppet (~> 3.0.1)
  puppet (~> 7.12.1)
  puppet-lint (~> 2.5.2)
  puppetlabs_spec_helper (~> 4.0.1)

BUNDLED WITH
   2.1.4
